PATH
  remote: ..
  specs:
    yaso (1.2.0)

GEM
  remote: https://rubygems.org/
  specs:
    active_interaction (5.1.1)
      activemodel (>= 5.2, < 8)
      activesupport (>= 5.2, < 8)
    activemodel (7.0.4)
      activesupport (= 7.0.4)
    activesupport (7.0.4)
      concurrent-ruby (~> 1.0, >= 1.0.2)
      i18n (>= 1.6, < 2)
      minitest (>= 5.1)
      tzinfo (~> 2.0)
    benchmark-ips (2.10.0)
    concurrent-ruby (1.1.10)
    declarative (0.0.20)
    decouplio (1.0.0alpha8)
    disposable (0.6.3)
      declarative (>= 0.0.9, < 1.0.0)
      representable (>= 3.1.1, < 4)
    hashie (5.0.0)
    hirb (0.7.3)
    i18n (1.12.0)
      concurrent-ruby (~> 1.0)
    interactor (3.1.2)
    kalibera (0.1.2)
      memoist (~> 0.16)
      rbzip2 (~> 0.3)
    memoist (0.16.2)
    minitest (5.16.3)
    rbzip2 (0.3.0)
    reform (2.6.2)
      disposable (>= 0.5.0, < 1.0.0)
      representable (>= 3.1.1, < 4)
      uber (< 0.2.0)
    representable (3.2.0)
      declarative (< 0.1.0)
      trailblazer-option (>= 0.1.1, < 0.2.0)
      uber (< 0.2.0)
    simple_command (1.0.1)
    trailblazer (2.1.1)
      trailblazer-macro (>= 2.1.11, < 2.2.0)
      trailblazer-macro-contract (>= 2.1.3, < 2.2.0)
      trailblazer-operation (>= 0.8.0, < 1.0.0)
    trailblazer-activity (0.14.0)
      trailblazer-context (~> 0.5.0)
      trailblazer-option (~> 0.1.0)
    trailblazer-activity-dsl-linear (1.0.0)
      trailblazer-activity (>= 0.14.0, < 0.15.0)
      trailblazer-declarative (>= 0.0.1, < 0.1.0)
    trailblazer-context (0.5.0)
      hashie (>= 3.0.0)
    trailblazer-declarative (0.0.2)
    trailblazer-developer (0.0.26)
      hirb
      trailblazer-activity-dsl-linear (>= 1.0.0.beta1, < 1.1.0)
    trailblazer-macro (2.1.11)
      trailblazer-activity-dsl-linear (>= 1.0.0, < 1.1.0)
      trailblazer-operation (>= 0.8.0)
    trailblazer-macro-contract (2.1.3)
      reform (>= 2.2.0, < 3.0.0)
      trailblazer-activity-dsl-linear (>= 1.0.0, < 1.1.0)
    trailblazer-operation (0.8.0)
      trailblazer-activity-dsl-linear (>= 1.0.0, < 1.1.0)
      trailblazer-developer (>= 0.0.26)
    trailblazer-option (0.1.2)
    tzinfo (2.0.5)
      concurrent-ruby (~> 1.0)
    uber (0.1.0)

PLATFORMS
  x86_64-darwin-21

DEPENDENCIES
  active_interaction (~> 5.1.0)
  benchmark-ips (~> 2.10.0)
  decouplio (~> 1.0.0alpha8)
  interactor (~> 3.1.2)
  kalibera (~> 0.1.2)
  simple_command (~> 1.0.1)
  trailblazer (~> 2.1.0)
  yaso!

BUNDLED WITH
   2.3.19
